PATH
  remote: .
  specs:
    tencentcloud-sdk-ruby (0.1.0)
      typhoeus (~> 1.0)

GEM
  remote: https://rubygems.org/
  specs:
    coderay (1.1.3)
    diff-lcs (1.3)
    ethon (0.12.0)
      ffi (>= 1.3.0)
    ffi (1.13.1)
    method_source (1.0.0)
    pry (0.13.1)
      coderay (~> 1.1)
      method_source (~> 1.0)
    rake (10.5.0)
    rspec (3.5.0)
      rspec-core (~> 3.5.0)
      rspec-expectations (~> 3.5.0)
      rspec-mocks (~> 3.5.0)
    rspec-core (3.5.4)
      rspec-support (~> 3.5.0)
    rspec-expectations (3.5.0)
      diff-lcs (>= 1.2.0, < 2.0)
      rspec-support (~> 3.5.0)
    rspec-mocks (3.5.0)
      diff-lcs (>= 1.2.0, < 2.0)
      rspec-support (~> 3.5.0)
    rspec-support (3.5.0)
    typhoeus (1.4.0)
      ethon (>= 0.9.0)

PLATFORMS
  ruby

DEPENDENCIES
  bundler (~> 2.0)
  pry (~> 0.1)
  rake (~> 10.0)
  rspec (~> 3.0)
  tencentcloud-sdk-ruby!

BUNDLED WITH
   2.0.2
